NUGET
  remote: https://nuget.org/api/v2
  specs:
    FAKE (3.14.7)
    FSharp.Compiler.Service (0.0.82)
    FSharp.Formatting (2.6.3)
      FSharp.Compiler.Service (>= 0.0.81)
HTTP
  remote: http://www.fssnip.net/raw/pj
  specs:
    HttpServer.fs